GIT
  remote: git://github.com/Rubysdad/Tabitha.git
  revision: 24c0ad29d97ba34c7bcf03d4704fa3250073c396
  specs:
    tabitha (0.1.0)
      rack

GEM
  remote: https://rubygems.org/
  specs:
    rack (2.0.7)

PLATFORMS
  ruby

DEPENDENCIES
  tabitha!

BUNDLED WITH
   2.0.1
