PATH
  remote: /Users/markmorales/code/tabitha
  specs:
    tabitha (0.1.0)
      rack

GEM
  remote: https://rubygems.org/
  specs:
    rack (2.0.7)

PLATFORMS
  ruby

DEPENDENCIES
  tabitha!

BUNDLED WITH
   2.0.1
